GEM
  specs:
    httparty (0.8.3)
      multi_json (~> 1.0)
      multi_xml
    multi_json (1.3.2)
    multi_xml (0.4.4)

PLATFORMS
  ruby

DEPENDENCIES
  httparty (~> 0.8.3)
